PATH
  remote: .
  specs:
    gem_grepper (0.0.1)
      bundler (~> 1.2)

GEM
  remote: https://rubygems.org/
  specs:
    addressable (2.3.2)
    ap (0.1.1)
      httparty (>= 0.7.7)
    capybara (2.0.1)
      mime-types (>= 1.16)
      nokogiri (>= 1.3.3)
      rack (>= 1.0.0)
      rack-test (>= 0.5.4)
      selenium-webdriver (~> 2.0)
      xpath (~> 1.0.0)
    childprocess (0.3.6)
      ffi (~> 1.0, >= 1.0.6)
    colorize (0.5.8)
    diff-lcs (1.1.3)
    ffi (1.2.0)
    gherkin-ruby (0.2.1)
    httparty (0.9.0)
      multi_json (~> 1.0)
      multi_xml
    libwebsocket (0.1.7.1)
      addressable
      websocket
    mime-types (1.19)
    multi_json (1.4.0)
    multi_xml (0.5.1)
    nokogiri (1.5.5)
    rack (1.4.1)
    rack-test (0.6.2)
      rack (>= 1.0)
    rspec (2.12.0)
      rspec-core (~> 2.12.0)
      rspec-expectations (~> 2.12.0)
      rspec-mocks (~> 2.12.0)
    rspec-core (2.12.1)
    rspec-expectations (2.12.0)
      diff-lcs (~> 1.1.3)
    rspec-mocks (2.12.0)
    rubyzip (0.9.9)
    selenium-webdriver (2.26.0)
      childprocess (>= 0.2.5)
      libwebsocket (~> 0.1.3)
      multi_json (~> 1.0)
      rubyzip
    spinach (0.6.0)
      colorize
      gherkin-ruby (~> 0.2.0)
    websocket (1.0.4)
    xpath (1.0.0)
      nokogiri (~> 1.3)

PLATFORMS
  ruby

DEPENDENCIES
  ap
  capybara (~> 2.0)
  gem_grepper!
  rspec (~> 2.4)
  spinach (~> 0.6)
