PATH
  remote: .
  specs:
    gem_grepper (0.0.1)
      bundler (~> 1.2)

GEM
  remote: https://rubygems.org/
  specs:
    colorize (0.5.8)
    diff-lcs (1.1.3)
    gherkin-ruby (0.2.1)
    rspec (2.12.0)
      rspec-core (~> 2.12.0)
      rspec-expectations (~> 2.12.0)
      rspec-mocks (~> 2.12.0)
    rspec-core (2.12.0)
    rspec-expectations (2.12.0)
      diff-lcs (~> 1.1.3)
    rspec-mocks (2.12.0)
    spinach (0.5.2)
      colorize
      gherkin-ruby (~> 0.2.0)

PLATFORMS
  ruby

DEPENDENCIES
  gem_grepper!
  rspec (~> 2.4)
  spinach (~> 0.5)
